GEM
  remote: http://rubygems.org/
  specs:
    chunky_png (1.2.1)
    daemons (1.1.9)
    eventmachine (1.0.0)
    rack (1.6.12)
    sprite-factory (1.4.1)
    thin (1.5.0)
      daemons (>= 1.0.9)
      eventmachine (>= 0.12.6)
      rack (>= 1.0.0)
    unified-assets (0.0.1)
      rack

PLATFORMS
  ruby

DEPENDENCIES
  chunky_png (= 1.2.1)
  rack (= 1.6.12)
  sprite-factory (= 1.4.1)
  thin (= 1.5.0)
  unified-assets (= 0.0.1)
